GEM
  remote: https://ruby.taobao.org/
  specs:
    awesome_print (1.6.1)
    byebug (8.2.4)
    domain_name (0.5.20160310)
      unf (>= 0.0.5, < 1.0.0)
    faraday (0.9.2)
      multipart-post (>= 1.2, < 3)
    http-cookie (1.0.2)
      domain_name (~> 0.5)
    json (1.8.3)
    mime-types (1.25.1)
    multipart-post (2.0.0)
    netrc (0.11.0)
    ox (2.4.1)
    qiniu (6.2.4)
      json (~> 1.7)
      mime-types (~> 1.19)
      rest-client (~> 1.6)
      ruby-hmac (~> 0.4)
    rest-client (1.8.0)
      http-cookie (>= 1.0.2, < 2.0)
      mime-types (>= 1.16, < 3.0)
      netrc (~> 0.7)
    ruby-hmac (0.4.0)
    trollop (2.1.2)
    unf (0.1.4)
      unf_ext
    unf_ext (0.0.7.2)

PLATFORMS
  ruby

DEPENDENCIES
  awesome_print
  byebug
  faraday
  ox
  qiniu (~> 6.2.1)
  trollop

BUNDLED WITH
   1.11.2
