GEM
  remote: https://ruby.taobao.org/
  specs:
    awesome_print (1.6.1)
    byebug (8.2.4)
    celluloid (0.17.3)
      celluloid-essentials
      celluloid-extras
      celluloid-fsm
      celluloid-pool
      celluloid-supervision
      timers (>= 4.1.1)
    celluloid-essentials (0.20.5)
      timers (>= 4.1.1)
    celluloid-extras (0.20.5)
      timers (>= 4.1.1)
    celluloid-fsm (0.20.5)
      timers (>= 4.1.1)
    celluloid-pool (0.20.5)
      timers (>= 4.1.1)
    celluloid-supervision (0.20.5)
      timers (>= 4.1.1)
    faraday (0.9.2)
      multipart-post (>= 1.2, < 3)
    hitimes (1.2.3)
    multipart-post (2.0.0)
    timers (4.1.1)
      hitimes
    trollop (2.1.2)

PLATFORMS
  ruby

DEPENDENCIES
  awesome_print
  byebug
  celluloid
  faraday
  trollop

BUNDLED WITH
   1.11.2
